PATH
  remote: .
  specs:
    spectro-hive (0.1)
      mongo
      puma
      rack
      rake
      spectro

GEM
  remote: https://rubygems.org/
  specs:
    bson (4.0.4)
    codeclimate-test-reporter (0.5.0)
      simplecov (>= 0.7.1, < 1.0.0)
    coderay (1.1.3)
    colorize (0.7.7)
    docile (1.1.5)
    ffi (1.12.2)
    formatador (0.3.0)
    guard (2.18.0)
      formatador (>= 0.2.4)
      listen (>= 2.7, < 4.0)
      lumberjack (>= 1.0.12, < 2.0)
      nenv (~> 0.1)
      notiffany (~> 0.0)
      pry (>= 0.13.0)
      shellany (~> 0.0)
      thor (>= 0.18.1)
    guard-rack (2.1.1)
      ffi
      guard (~> 2.3)
      spoon
    guard-rake (1.0.0)
      guard
      rake
    json (1.8.3)
    listen (3.0.8)
      rb-fsevent (~> 0.9, >= 0.9.4)
      rb-inotify (~> 0.9, >= 0.9.7)
    lumberjack (1.0.13)
    method_source (1.0.0)
    minitest (5.8.4)
    mongo (2.2.4)
      bson (~> 4.0)
    nenv (0.3.0)
    notiffany (0.1.3)
      nenv (~> 0.1)
      shellany (~> 0.0)
    pry (0.14.1)
      coderay (~> 1.1)
      method_source (~> 1.0)
    puma (3.3.0)
    rack (1.6.12)
    rake (11.1.2)
    rb-fsevent (0.11.0)
    rb-inotify (0.9.10)
      ffi (>= 0.5.0, < 2)
    shellany (0.0.1)
    simplecov (0.11.2)
      docile (~> 1.1.0)
      json (~> 1.8)
      simplecov-html (~> 0.10.0)
    simplecov-html (0.10.0)
    spectro (0.3)
      colorize
      thor
    spoon (0.0.4)
      ffi
    thor (1.1.0)
    yard (0.9.20)

PLATFORMS
  ruby

DEPENDENCIES
  codeclimate-test-reporter
  guard
  guard-rack
  guard-rake
  minitest
  spectro-hive!
  yard

BUNDLED WITH
   1.11.2
