PATH
  remote: .
  specs:
    spectro-hive (0.1)
      mongo
      puma
      rack
      rake
      spectro

GEM
  remote: https://rubygems.org/
  specs:
    bson (4.0.4)
    codeclimate-test-reporter (0.5.0)
      simplecov (>= 0.7.1, < 1.0.0)
    coderay (1.1.1)
    colorize (0.7.7)
    docile (1.1.5)
    ffi (1.11.3)
    formatador (0.2.5)
    guard (2.13.0)
      formatador (>= 0.2.4)
      listen (>= 2.7, <= 4.0)
      lumberjack (~> 1.0)
      nenv (~> 0.1)
      notiffany (~> 0.0)
      pry (>= 0.9.12)
      shellany (~> 0.0)
      thor (>= 0.18.1)
    guard-rack (2.1.1)
      ffi
      guard (~> 2.3)
      spoon
    guard-rake (1.0.0)
      guard
      rake
    json (1.8.3)
    listen (3.0.6)
      rb-fsevent (>= 0.9.3)
      rb-inotify (>= 0.9.7)
    lumberjack (1.0.10)
    method_source (0.8.2)
    minitest (5.8.4)
    mongo (2.2.4)
      bson (~> 4.0)
    nenv (0.3.0)
    notiffany (0.0.8)
      nenv (~> 0.1)
      shellany (~> 0.0)
    pry (0.10.3)
      coderay (~> 1.1.0)
      method_source (~> 0.8.1)
      slop (~> 3.4)
    puma (3.11.4)
    rack (1.6.12)
    rake (11.1.2)
    rb-fsevent (0.9.7)
    rb-inotify (0.9.7)
      ffi (>= 0.5.0)
    shellany (0.0.1)
    simplecov (0.11.2)
      docile (~> 1.1.0)
      json (~> 1.8)
      simplecov-html (~> 0.10.0)
    simplecov-html (0.10.0)
    slop (3.6.0)
    spectro (0.3)
      colorize
      thor
    spoon (0.0.4)
      ffi
    thor (0.19.1)
    yard (0.9.20)

PLATFORMS
  ruby

DEPENDENCIES
  codeclimate-test-reporter
  guard
  guard-rack
  guard-rake
  minitest
  spectro-hive!
  yard

BUNDLED WITH
   1.11.2
